GIT
  remote: https://github.com/dobtco/dvl-core.git
  revision: 63e36b636cfb7ba07340849de92b51b3c450c365
  specs:
    dvl-core (0.1.4)
      activesupport
      coffee-script
      sass

GEM
  remote: https://rubygems.org/
  specs:
    activesupport (7.0.4.3)
      concurrent-ruby (~> 1.0, >= 1.0.2)
      i18n (>= 1.6, < 2)
      minitest (>= 5.1)
      tzinfo (~> 2.0)
    coffee-script (2.4.1)
      coffee-script-source
      execjs
    coffee-script-source (1.12.2)
    concurrent-ruby (1.2.2)
    execjs (2.8.1)
    i18n (1.12.0)
      concurrent-ruby (~> 1.0)
    minitest (5.18.0)
    sass (3.4.18)
    tzinfo (2.0.6)
      concurrent-ruby (~> 1.0)

PLATFORMS
  ruby

DEPENDENCIES
  dvl-core!
  sass
